GEM
  remote: https://rubygems.org/
  specs:
    as-notifications (1.0.1)
    i18n (0.6.5)
    multi_json (1.8.0)
    webmachine (1.2.0)
      as-notifications (~> 1.0)
      i18n (>= 0.4.0)
      multi_json

PLATFORMS
  java

DEPENDENCIES
  webmachine
